GEM
  remote: https://rubygems.org/
  specs:
    json (1.8.6)
    logger (1.5.1)

PLATFORMS
  arm64-darwin-21

DEPENDENCIES
  json (~> 1.8, >= 1.8.3)
  logger (~> 1.5, >= 1.5.1)

BUNDLED WITH
   2.3.19
