GEM
  remote: https://rubygems.org/
  specs:
    json (2.3.0)
    logger (1.5.1)

PLATFORMS
  arm64-darwin-21
  x86_64-linux

DEPENDENCIES
  json (~> 2.3)
  logger (~> 1.5, >= 1.5.1)

BUNDLED WITH
   2.3.19
